GEM
  remote: https://rubygems.org/
  specs:
    appium_lib (9.8.3)
      appium_lib_core (~> 1.2.5)
      nokogiri (~> 1.6, >= 1.6.6)
      tomlrb (~> 1.1)
    appium_lib_core (1.2.6)
      json (>= 1.8)
      selenium-webdriver (~> 3.5)
    childprocess (0.8.0)
      ffi (~> 1.0, >= 1.0.11)
    ffi (1.9.18-x64-mingw32)
    json (2.1.0)
    mini_portile2 (2.3.0)
    nokogiri (1.8.1-x64-mingw32)
      mini_portile2 (~> 2.3.0)
    rake (12.3.0)
    rubyzip (1.2.1)
    selenium-webdriver (3.8.0)
      childprocess (~> 0.5)
      rubyzip (~> 1.0)
    tomlrb (1.2.6)

PLATFORMS
  x64-mingw32

DEPENDENCIES
  appium_lib
  rake

BUNDLED WITH
   1.15.4
